GEM
  remote: http://rubygems.org/
  specs:
    activesupport (3.2.13)
      i18n (= 0.6.1)
      multi_json (~> 1.0)
    addressable (2.3.4)
    berkshelf (1.4.0)
      activesupport (>= 3.2.0)
      addressable
      celluloid (>= 0.13.0)
      chozo (>= 0.6.1)
      faraday (>= 0.8.5)
      hashie (>= 2.0.2)
      json (>= 1.5.0)
      minitar
      mixlib-config (~> 1.1)
      mixlib-shellout (~> 1.1)
      multi_json (~> 1.5)
      retryable
      ridley (~> 0.9.0)
      solve (>= 0.4.2)
      thor (~> 0.18.0)
      yajl-ruby
    bunny (0.7.9)
    celluloid (0.13.0)
      timers (>= 1.0.0)
    chef (10.18.2)
      bunny (>= 0.6.0, < 0.8.0)
      erubis
      highline (>= 1.6.9)
      json (>= 1.4.4, <= 1.6.1)
      mixlib-authentication (>= 1.3.0)
      mixlib-cli (>= 1.1.0)
      mixlib-config (>= 1.1.2)
      mixlib-log (>= 1.3.0)
      mixlib-shellout
      moneta (< 0.7.0)
      net-ssh (~> 2.2.2)
      net-ssh-multi (~> 1.1.0)
      ohai (>= 0.6.0)
      rest-client (>= 1.0.4, < 1.7.0)
      treetop (~> 1.4.9)
      uuidtools
      yajl-ruby (~> 1.1)
    chozo (0.6.1)
      activesupport (>= 3.2.0)
      hashie (>= 2.0.2)
      multi_json (>= 1.3.0)
    coderay (1.0.9)
    erubis (2.7.0)
    excon (0.20.1)
    faraday (0.8.7)
      multipart-post (~> 1.1)
    foodcritic (1.7.0)
      erubis
      gherkin (~> 2.11.1)
      gist (~> 3.1.0)
      nokogiri (~> 1.5.4)
      pry (~> 0.9.8.4)
      rak (~> 1.4)
      treetop (~> 1.4.10)
      yajl-ruby (~> 1.1.0)
    gherkin (2.11.5)
      json (>= 1.4.6)
    gist (3.1.1)
    hashie (2.0.3)
    highline (1.6.15)
    i18n (0.6.1)
    ipaddress (0.8.0)
    json (1.6.1)
    method_source (0.7.1)
    mime-types (1.21)
    minitar (0.5.4)
    mixlib-authentication (1.3.0)
      mixlib-log
    mixlib-cli (1.3.0)
    mixlib-config (1.1.2)
    mixlib-log (1.6.0)
    mixlib-shellout (1.1.0)
    moneta (0.6.0)
    multi_json (1.7.2)
    multipart-post (1.2.0)
    net-http-persistent (2.8)
    net-ssh (2.2.2)
    net-ssh-gateway (1.1.0)
      net-ssh (>= 1.99.1)
    net-ssh-multi (1.1)
      net-ssh (>= 2.1.4)
      net-ssh-gateway (>= 0.99.0)
    nokogiri (1.5.9)
    ohai (6.16.0)
      ipaddress
      mixlib-cli
      mixlib-config
      mixlib-log
      mixlib-shellout
      systemu
      yajl-ruby
    polyglot (0.3.3)
    pry (0.9.8.4)
      coderay (~> 1.0.5)
      method_source (~> 0.7.1)
      slop (>= 2.4.4, < 3)
    rak (1.4)
    rest-client (1.6.7)
      mime-types (>= 1.16)
    retryable (1.3.2)
    ridley (0.9.0)
      activesupport (>= 3.2.0)
      addressable
      celluloid (~> 0.13.0)
      chozo (>= 0.6.0)
      erubis
      faraday (>= 0.8.4)
      json (>= 1.5.0)
      mixlib-authentication (>= 1.3.0)
      mixlib-config (>= 1.1.0)
      mixlib-log (>= 1.3.0)
      mixlib-shellout (>= 1.1.0)
      multi_json (>= 1.0.4)
      net-http-persistent (>= 2.8)
      net-ssh
      retryable
      solve (>= 0.4.1)
    slop (2.4.4)
    solve (0.4.2)
      json
    systemu (2.5.2)
    thor (0.18.1)
    thor-foodcritic (0.2.0)
      foodcritic
      thor
    timers (1.1.0)
    treetop (1.4.12)
      polyglot
      polyglot (>= 0.3.1)
    uuidtools (2.1.3)
    yajl-ruby (1.1.0)

PLATFORMS
  ruby

DEPENDENCIES
  berkshelf
  chef (= 10.18.2)
  thor-foodcritic
